GEM
  remote: https://rubygems.org/
  specs:
    mini_portile (0.5.3)
    nokogiri (1.6.1)
      mini_portile (~> 0.5.0)
    values (1.5.0)

PLATFORMS
  ruby

DEPENDENCIES
  nokogiri
  values

BUNDLED WITH
   1.10.5
