GEM
  remote: https://rubygems.org/
  specs:
    mini_portile (0.5.0)
    minitest (5.0.7)
    nokogiri (1.6.0)
      mini_portile (~> 0.5.0)

PLATFORMS
  ruby

DEPENDENCIES
  minitest (~> 5.0.7)
  nokogiri (~> 1.6.0)
